GEM
  remote: http://rubygems.org/
  specs:
    addressable (2.8.1)
      public_suffix (>= 2.0.2, < 6.0)
    cookiejar (0.3.3)
    curb (0.1.4)
    em-http-request (1.1.6)
      addressable (>= 2.3.4)
      cookiejar (!= 0.3.1)
      em-socksify (>= 0.3)
      eventmachine (>= 1.0.3)
      http_parser.rb (>= 0.6.0)
    em-socksify (0.3.2)
      eventmachine (>= 1.0.0.beta.4)
    eventmachine (1.2.7)
    http_parser.rb (0.8.0)
    mime-types (1.16)
    net-http-persistent (1.6.1)
    patron (0.4.11)
    public_suffix (5.0.1)
    rake (0.9.2)
    rmem (1.0.0)
    typhoeus (0.2.4)
      mime-types

PLATFORMS
  ruby

DEPENDENCIES
  curb (= 0.1.4)
  em-http-request
  net-http-persistent
  patron
  rake
  rmem
  typhoeus
